GEM
  remote: https://rubygems.org/
  specs:
    aws-sdk (2.7.9)
      aws-sdk-resources (= 2.7.9)
    aws-sdk-core (2.7.9)
      aws-sigv4 (~> 1.0)
      jmespath (~> 1.0)
    aws-sdk-resources (2.7.9)
      aws-sdk-core (= 2.7.9)
    aws-sigv4 (1.0.0)
    coderay (1.1.1)
    diffy (3.1.0)
    dslh (0.4.8)
    hashie (3.5.3)
    jmespath (1.3.1)
    rezept (0.0.2)
      aws-sdk (~> 2.7.4)
      coderay
      diffy
      dslh (>= 0.4.8)
      hashie
      thor
    thor (0.19.4)

PLATFORMS
  ruby

DEPENDENCIES
  rezept

BUNDLED WITH
   1.12.5
